GIT
  remote: https://github.com/Ziphil/ZenithalMathWeb.git
  revision: 02365ef2bc74cc69ed96b032dd5a401aa3881654
  specs:
    zotica (1.0.0)
      sassc (~> 2)
      ttfunk (~> 1)
      zenml (~> 1, >= 1.3.0)

GIT
  remote: https://github.com/shwaka/jekyll-math.git
  revision: 6293db61b9eea2e51d739d5604fd95baf3db6f02
  specs:
    jekyll-math (0.1.0)
      jekyll
      nokogiri
      zotica

GIT
  remote: https://github.com/shwaka/jekyll-refer.git
  revision: 13a59b05bfa5b4fcbbe137650546b9e3dde25c11
  specs:
    jekyll-refer (0.1.0)
      jekyll

GIT
  remote: https://github.com/shwaka/jekyll-typescript.git
  revision: 5c5aee36361803eea9852b1a25b9728edd42d908
  specs:
    jekyll-typescript (0.2.0)
      rake

GIT
  remote: https://github.com/shwaka/kramdown-zotica.git
  revision: 64899d2cda50f23702ddd19a32dbcf3bbb99a159
  specs:
    kramdown-zotica (0.1.0)
      kramdown
      zotica

GEM
  remote: https://rubygems.org/
  specs:
    Ascii85 (1.0.3)
    addressable (2.7.0)
      public_suffix (>= 2.0.2, < 5.0)
    afm (0.2.2)
    colorator (1.1.0)
    concurrent-ruby (1.1.6)
    em-websocket (0.5.1)
      eventmachine (>= 0.12.9)
      http_parser.rb (~> 0.6.0)
    ethon (0.12.0)
      ffi (>= 1.3.0)
    eventmachine (1.2.7)
    ffi (1.12.2)
    forwardable-extended (2.6.0)
    hashery (2.1.2)
    html-proofer (3.15.3)
      addressable (~> 2.3)
      mercenary (~> 0.3)
      nokogumbo (~> 2.0)
      parallel (~> 1.3)
      rainbow (~> 3.0)
      typhoeus (~> 1.3)
      yell (~> 2.0)
    http_parser.rb (0.6.0)
    i18n (1.8.2)
      concurrent-ruby (~> 1.0)
    jekyll (4.0.0)
      addressable (~> 2.4)
      colorator (~> 1.0)
      em-websocket (~> 0.5)
      i18n (>= 0.9.5, < 2)
      jekyll-sass-converter (~> 2.0)
      jekyll-watch (~> 2.0)
      kramdown (~> 2.1)
      kramdown-parser-gfm (~> 1.0)
      liquid (~> 4.0)
      mercenary (~> 0.3.3)
      pathutil (~> 0.9)
      rouge (~> 3.0)
      safe_yaml (~> 1.0)
      terminal-table (~> 1.8)
    jekyll-sass-converter (2.1.0)
      sassc (> 2.0.1, < 3.0)
    jekyll-toc (0.13.1)
      jekyll (>= 3.7)
      nokogiri (~> 1.9)
    jekyll-watch (2.2.1)
      listen (~> 3.0)
    kramdown (2.3.0)
      rexml
    kramdown-parser-gfm (1.1.0)
      kramdown (~> 2.0)
    liquid (4.0.3)
    listen (3.2.1)
      rb-fsevent (~> 0.10, >= 0.10.3)
      rb-inotify (~> 0.9, >= 0.9.10)
    mercenary (0.3.6)
    mini_portile2 (2.4.0)
    nokogiri (1.10.9)
      mini_portile2 (~> 2.4.0)
    nokogumbo (2.0.2)
      nokogiri (~> 1.8, >= 1.8.4)
    parallel (1.19.2)
    pathutil (0.16.2)
      forwardable-extended (~> 2.6)
    pdf-reader (2.4.0)
      Ascii85 (~> 1.0.0)
      afm (~> 0.2.1)
      hashery (~> 2.0)
      ruby-rc4
      ttfunk
    public_suffix (4.0.3)
    rainbow (3.0.0)
    rake (13.0.1)
    rb-fsevent (0.10.3)
    rb-inotify (0.10.1)
      ffi (~> 1.0)
    rexml (3.2.5)
    rouge (3.17.0)
    ruby-rc4 (0.1.5)
    safe_yaml (1.0.5)
    sassc (2.2.1)
      ffi (~> 1.9)
    terminal-table (1.8.0)
      unicode-display_width (~> 1.1, >= 1.1.1)
    ttfunk (1.6.2.1)
    typhoeus (1.4.0)
      ethon (>= 0.9.0)
    unicode-display_width (1.7.0)
    yell (2.2.2)
    zenml (1.5.0)

PLATFORMS
  ruby

DEPENDENCIES
  html-proofer
  jekyll (= 4.0.0)
  jekyll-math!
  jekyll-refer!
  jekyll-toc
  jekyll-typescript!
  kramdown-zotica!
  nokogiri
  pdf-reader
  rake
  zotica!

BUNDLED WITH
   1.17.2
